GEM
  remote: https://rubygems.org/
  specs:
    activesupport (4.2.4)
      i18n (~> 0.7)
      json (~> 1.7, >= 1.7.7)
      minitest (~> 5.1)
      thread_safe (~> 0.3, >= 0.3.4)
      tzinfo (~> 1.1)
    diff-lcs (1.2.5)
    enumerable-lazy (0.0.1)
    haml (4.0.7)
      tilt
    i18n (0.7.0)
    json (1.8.3)
    mail (2.5.4)
      mime-types (~> 1.16)
      treetop (~> 1.4.8)
    metaclass (0.0.4)
    mime-types (1.25.1)
    minitest (5.8.1)
    mocha (1.1.0)
      metaclass (~> 0.0.1)
    moneta (0.7.20)
    mustermann19 (0.4.0)
      enumerable-lazy
    padrino (0.13.0)
      padrino-admin (= 0.13.0)
      padrino-cache (= 0.13.0)
      padrino-core (= 0.13.0)
      padrino-gen (= 0.13.0)
      padrino-helpers (= 0.13.0)
      padrino-mailer (= 0.13.0)
      padrino-support (= 0.13.0)
    padrino-admin (0.13.0)
      padrino-core (= 0.13.0)
      padrino-helpers (= 0.13.0)
    padrino-cache (0.13.0)
      moneta (~> 0.7.0)
      padrino-core (= 0.13.0)
      padrino-helpers (= 0.13.0)
    padrino-core (0.13.0)
      activesupport (>= 3.1)
      mustermann19
      padrino-support (= 0.13.0)
      rack-protection (>= 1.5.0)
      sinatra (~> 1.4.6)
      thor (~> 0.18)
    padrino-gen (0.13.0)
      bundler (~> 1.0)
      padrino-core (= 0.13.0)
    padrino-helpers (0.13.0)
      i18n (~> 0.6, >= 0.6.7)
      padrino-support (= 0.13.0)
      tilt (~> 1.4.1)
    padrino-mailer (0.13.0)
      mail (~> 2.5.3)
      padrino-core (= 0.13.0)
    padrino-support (0.13.0)
      activesupport (>= 3.1)
    polyglot (0.3.5)
    rack (1.6.4)
    rack-protection (1.5.3)
      rack
    rack-test (0.6.3)
      rack (>= 1.0)
    rake (10.4.2)
    rspec (3.3.0)
      rspec-core (~> 3.3.0)
      rspec-expectations (~> 3.3.0)
      rspec-mocks (~> 3.3.0)
    rspec-core (3.3.2)
      rspec-support (~> 3.3.0)
    rspec-expectations (3.3.1)
      diff-lcs (>= 1.2.0, < 2.0)
      rspec-support (~> 3.3.0)
    rspec-mocks (3.3.2)
      diff-lcs (>= 1.2.0, < 2.0)
      rspec-support (~> 3.3.0)
    rspec-support (3.3.0)
    sass (3.4.19)
    sinatra (1.4.6)
      rack (~> 1.4)
      rack-protection (~> 1.4)
      tilt (>= 1.3, < 3)
    thor (0.19.1)
    thread_safe (0.3.5)
    tilt (1.4.1)
    treetop (1.4.15)
      polyglot
      polyglot (>= 0.3.1)
    tzinfo (1.2.2)
      thread_safe (~> 0.1)

PLATFORMS
  ruby

DEPENDENCIES
  haml
  mocha
  padrino (= 0.13.0)
  rack-test
  rake
  rspec
  sass

BUNDLED WITH
   1.10.6
